GIT
  remote: https://github.com/eventmachine/eventmachine.git
  revision: d9a23e4779b3f555e63e4ff565ef0848a8bcabd4
  specs:
    eventmachine (1.0.0.beta.4)

GIT
  remote: https://github.com/igrigorik/em-synchrony.git
  revision: 81af523ebad26a6cff2eb2842a4a1691c0c49374
  specs:
    em-synchrony (0.3.0.beta.1)
      eventmachine (>= 1.0.0.beta.1)

GIT
  remote: https://github.com/postrank-labs/goliath.git
  revision: be9e52df19f7a48ed418eff7b484642cd8f821cf
  specs:
    goliath (0.9.1)
      async-rack
      em-synchrony (>= 0.3.0.beta.1)
      eventmachine (>= 1.0.0.beta.3)
      http_parser.rb
      http_router (~> 0.8.9)
      log4r
      multi_json
      rack (>= 1.2.2)
      rack-contrib
      rack-respond_to

GEM
  remote: http://rubygems.org/
  specs:
    async-rack (0.5.1)
      rack (~> 1.1)
    em-redis (0.3.0)
      eventmachine
    http_parser.rb (0.5.1)
    http_router (0.8.11)
      rack (>= 1.0.0)
      url_mount (~> 0.2.1)
    json (1.5.3)
    log4r (1.1.9)
    multi_json (1.0.3)
    rack (1.3.1)
    rack-accept-media-types (0.9)
    rack-contrib (1.1.0)
      rack (>= 0.9.1)
    rack-respond_to (0.9.8)
      rack-accept-media-types (>= 0.6)
    serialport (1.0.4)
    url_mount (0.2.1)
      rack

PLATFORMS
  ruby

DEPENDENCIES
  em-redis
  em-synchrony!
  eventmachine!
  goliath!
  json
  serialport
